GEM
  remote: https://rubygems.org/
  specs:
    diff-lcs (1.2.5)
    facter (2.4.4)
    hiera (2.0.0)
      json_pure
    json_pure (1.8.2)
    metaclass (0.0.4)
    mocha (1.1.0)
      metaclass (~> 0.0.1)
    puppet (4.1.0)
      facter (> 2.0, < 4)
      hiera (>= 2.0, < 3)
      json_pure
    puppet-lint (1.1.0)
    puppet-syntax (2.0.0)
      rake
    puppetlabs_spec_helper (0.10.3)
      mocha
      puppet-lint
      puppet-syntax
      rake
      rspec-puppet
    rake (10.4.2)
    rspec (3.2.0)
      rspec-core (~> 3.2.0)
      rspec-expectations (~> 3.2.0)
      rspec-mocks (~> 3.2.0)
    rspec-core (3.2.3)
      rspec-support (~> 3.2.0)
    rspec-expectations (3.2.1)
      diff-lcs (>= 1.2.0, < 2.0)
      rspec-support (~> 3.2.0)
    rspec-mocks (3.2.1)
      diff-lcs (>= 1.2.0, < 2.0)
      rspec-support (~> 3.2.0)
    rspec-puppet (2.2.0)
      rspec
    rspec-support (3.2.2)
    simp-rake-helpers (1.0.2)
      rake (~> 10.0)

PLATFORMS
  ruby

DEPENDENCIES
  puppet
  puppet-lint
  puppetlabs_spec_helper
  simp-rake-helpers

BUNDLED WITH
   1.10.2
